GEM
  remote: https://rubygems.org/
  specs:
    rmagick (4.1.2)
    rufo (0.12.0)

PLATFORMS
  ruby

DEPENDENCIES
  rmagick
  rufo

BUNDLED WITH
   2.1.0
