GEM
  remote: https://rubygems.org/
  specs:
    pkg-config (1.5.5)
    rmagick (5.3.0)
      pkg-config (~> 1.4)
    rufo (0.12.0)

PLATFORMS
  ruby

DEPENDENCIES
  rmagick
  rufo

BUNDLED WITH
   2.1.0
